PATH
  remote: .
  specs:
    raketary (0.2.4)
      irb (~> 1.14)
      rake (~> 13.2)
      raketeer (~> 0.2)
      yard_ghurt (~> 1.2)

GEM
  remote: https://rubygems.org/
  specs:
    io-console (0.7.2)
    irb (1.14.0)
      rdoc (>= 4.0.0)
      reline (>= 0.4.2)
    psych (5.1.2)
      stringio
    rake (13.2.1)
    raketeer (0.2.13)
      rake
    rdoc (6.7.0)
      psych (>= 4.0.0)
    reline (0.5.9)
      io-console (~> 0.5)
    stringio (3.1.1)
    yard (0.9.36)
    yard_ghurt (1.2.1)
      rake
      yard

PLATFORMS
  ruby

DEPENDENCIES
  bundler (~> 2.5)
  raketary!
  yard (~> 0.9)

BUNDLED WITH
   2.5.17
