PATH
  remote: .
  specs:
    raketary (0.1.1)
      irb (~> 1.0)
      rake (~> 12.3)
      raketeer (~> 0.2)

GEM
  remote: https://rubygems.org/
  specs:
    io-console (0.5.6)
    irb (1.2.3)
      reline (>= 0.0.1)
    rake (12.3.3)
    raketeer (0.2.8)
      rake
    reline (0.1.3)
      io-console (~> 0.5)

PLATFORMS
  ruby

DEPENDENCIES
  bundler (~> 2.0)
  raketary!

BUNDLED WITH
   2.1.2
