PATH
  remote: .
  specs:
    raketary (0.2.4)
      irb (~> 1.15)
      rake (~> 13.3)
      raketeer (~> 0.2)
      rdoc (~> 6.14)
      redcarpet (~> 3.6)
      yard (~> 0.9)
      yard_ghurt (~> 1.2)

GEM
  remote: https://rubygems.org/
  specs:
    date (3.4.1)
    erb (5.0.1)
    io-console (0.8.0)
    irb (1.15.2)
      pp (>= 0.6.0)
      rdoc (>= 4.0.0)
      reline (>= 0.4.2)
    pp (0.6.2)
      prettyprint
    prettyprint (0.2.0)
    psych (5.2.6)
      date
      stringio
    rake (13.3.0)
    raketeer (0.2.14)
      rake
    rdoc (6.14.0)
      erb
      psych (>= 4.0.0)
    redcarpet (3.6.1)
    reline (0.6.1)
      io-console (~> 0.5)
    stringio (3.1.7)
    yard (0.9.37)
    yard_ghurt (1.2.1)
      rake
      yard

PLATFORMS
  ruby

DEPENDENCIES
  bundler (~> 2.6)
  raketary!

BUNDLED WITH
   2.6.9
