PATH
  remote: .
  specs:
    raketary (0.2.0)
      rake (~> 13.0)
      raketeer (~> 0.2)
      yard_ghurt (~> 1.2)

GEM
  remote: https://rubygems.org/
  specs:
    rake (13.0.1)
    raketeer (0.2.9)
      rake
    yard (0.9.24)
    yard_ghurt (1.2.0)
      rake

PLATFORMS
  ruby

DEPENDENCIES
  bundler (~> 2.0)
  raketary!
  yard (~> 0.9)

BUNDLED WITH
   2.1.2
