PATH
  remote: .
  specs:
    raketary (0.2.4)
      irb (~> 1.3)
      rake (~> 13.0)
      raketeer (~> 0.2)
      yard_ghurt (~> 1.2)

GEM
  remote: https://rubygems.org/
  specs:
    io-console (0.5.9)
    irb (1.3.6)
      reline (>= 0.2.5)
    rake (13.0.3)
    raketeer (0.2.13)
      rake
    reline (0.2.6)
      io-console (~> 0.5)
    yard (0.9.35)
    yard_ghurt (1.2.1)
      rake
      yard

PLATFORMS
  ruby

DEPENDENCIES
  bundler (~> 2.2)
  raketary!
  yard (~> 0.9)

BUNDLED WITH
   2.2.20
