PATH
  remote: .
  specs:
    raketary (0.2.0)
      irb (~> 1.2)
      rake (~> 13.0)
      raketeer (~> 0.2)
      yard_ghurt (~> 1.2)

GEM
  remote: https://rubygems.org/
  specs:
    io-console (0.5.6)
    irb (1.2.3)
      reline (>= 0.0.1)
    rake (13.0.1)
    raketeer (0.2.9)
      rake
    reline (0.1.3)
      io-console (~> 0.5)
    yard (0.9.24)
    yard_ghurt (1.2.0)
      rake

PLATFORMS
  ruby

DEPENDENCIES
  bundler (~> 2.0)
  raketary!
  yard (~> 0.9)

BUNDLED WITH
   2.1.2
