PATH
  remote: .
  specs:
    raketary (0.1.1)
      irb (~> 1.0)
      rake (~> 12.3)
      raketeer (~> 0.2)

GEM
  remote: https://rubygems.org/
  specs:
    irb (1.2.0)
      reline (>= 0.0.1)
    rake (12.3.3)
    raketeer (0.2.7)
      rake
    reline (0.0.7)

PLATFORMS
  ruby

DEPENDENCIES
  bundler (~> 2.0)
  raketary!

BUNDLED WITH
   2.0.2
